GEM
  remote: https://rubygems.org/
  specs:
    addressable (2.3.8)
    bundle (0.0.1)
      bundler
    coderay (1.1.0)
    daemons (1.2.2)
    dotenv (2.0.1)
    json (1.8.2)
    method_source (0.8.2)
    mime-types (1.25.1)
    pg (0.18.1)
    pry (0.10.1)
      coderay (~> 1.1.0)
      method_source (~> 0.8.1)
      slop (~> 3.4)
    rdoc (4.2.0)
      json (~> 1.4)
    redis (3.2.1)
    rest-client (1.6.8)
      mime-types (~> 1.16)
      rdoc (>= 2.4.2)
    sequel (4.21.0)
    slop (3.6.0)
    unirest (1.1.2)
      addressable (~> 2.3.5)
      json (~> 1.8.1)
      rest-client (~> 1.6.7)

PLATFORMS
  ruby

DEPENDENCIES
  bundle
  bundler
  daemons
  dotenv
  json
  pg
  pry
  redis
  sequel
  unirest
